PATH
  remote: .
  specs:
    skirace-worker (0.0.1)
      dalli
      dependor
      god
      pry
      rest-client
      wiringpi

GEM
  remote: https://rubygems.org/
  specs:
    capistrano (3.1.0)
      i18n
      rake (>= 10.0.0)
      sshkit (~> 1.3)
    coderay (1.1.0)
    dalli (2.7.0)
    dependor (1.0.1)
    god (0.13.4)
    i18n (0.6.9)
    method_source (0.8.2)
    mime-types (2.2)
    net-scp (1.1.2)
      net-ssh (>= 2.6.5)
    net-ssh (2.8.0)
    pry (0.9.12.6)
      coderay (~> 1.0)
      method_source (~> 0.8)
      slop (~> 3.4)
    rake (10.2.2)
    rest-client (1.6.7)
      mime-types (>= 1.16)
    slop (3.4.7)
    sshkit (1.3.0)
      net-scp (>= 1.1.2)
      net-ssh
      term-ansicolor
    term-ansicolor (1.3.0)
      tins (~> 1.0)
    tins (1.0.1)
    wiringpi (1.1.0)

PLATFORMS
  ruby

DEPENDENCIES
  capistrano
  skirace-worker!
